GEM
  remote: https://rubygems.org/
  specs:
    activemodel (4.0.5)
      activesupport (= 4.0.5)
      builder (~> 3.1.0)
    activerecord (4.0.5)
      activemodel (= 4.0.5)
      activerecord-deprecated_finders (~> 1.0.2)
      activesupport (= 4.0.5)
      arel (~> 4.0.0)
    activerecord-deprecated_finders (1.0.3)
    activesupport (4.0.5)
      i18n (~> 0.6, >= 0.6.9)
      minitest (~> 4.2)
      multi_json (~> 1.3)
      thread_safe (~> 0.1)
      tzinfo (~> 0.3.37)
    arel (4.0.2)
    bcrypt (3.1.7)
    builder (3.1.4)
    enumerable-lazy (0.0.1)
    haml (4.0.5)
      tilt
    i18n (0.7.0)
    mail (2.6.3)
      mime-types (>= 1.16, < 3)
    mime-types (2.99.1)
    minitest (4.7.5)
    moneta (0.7.20)
    multi_json (1.11.2)
    mustermann19 (0.4.2)
      enumerable-lazy
    padrino (0.13.1)
      padrino-admin (= 0.13.1)
      padrino-cache (= 0.13.1)
      padrino-core (= 0.13.1)
      padrino-gen (= 0.13.1)
      padrino-helpers (= 0.13.1)
      padrino-mailer (= 0.13.1)
      padrino-support (= 0.13.1)
    padrino-admin (0.13.1)
      padrino-core (= 0.13.1)
      padrino-helpers (= 0.13.1)
    padrino-cache (0.13.1)
      moneta (~> 0.7.0)
      padrino-core (= 0.13.1)
      padrino-helpers (= 0.13.1)
    padrino-core (0.13.1)
      activesupport (>= 3.1)
      mustermann19
      padrino-support (= 0.13.1)
      rack-protection (>= 1.5.0)
      sinatra (~> 1.4.6)
      thor (~> 0.18)
    padrino-gen (0.13.1)
      bundler (~> 1.0)
      padrino-core (= 0.13.1)
    padrino-helpers (0.13.1)
      i18n (~> 0.6, >= 0.6.7)
      padrino-support (= 0.13.1)
      tilt (~> 1.4.1)
    padrino-mailer (0.13.1)
      mail (~> 2.5)
      padrino-core (= 0.13.1)
    padrino-support (0.13.1)
      activesupport (>= 3.1)
    rack (1.6.4)
    rack-protection (1.5.3)
      rack
    rack-test (0.6.3)
      rack (>= 1.0)
    rake (10.5.0)
    sass (3.4.21)
    shoulda (3.5.0)
      shoulda-context (~> 1.0, >= 1.0.1)
      shoulda-matchers (>= 1.4.1, < 3.0)
    shoulda-context (1.2.1)
    shoulda-matchers (2.6.1)
      activesupport (>= 3.0.0)
    sinatra (1.4.6)
      rack (~> 1.4)
      rack-protection (~> 1.4)
      tilt (>= 1.3, < 3)
    sqlite3 (1.3.10)
    thor (0.19.1)
    thread_safe (0.3.5)
    tilt (1.4.1)
    tzinfo (0.3.39)

PLATFORMS
  ruby

DEPENDENCIES
  activerecord (>= 3.1)
  bcrypt
  haml
  padrino (= 0.13.1)
  rack-test
  rake
  sass
  shoulda
  sqlite3

BUNDLED WITH
   1.11.2
